GEM
  remote: https://rubygems.org/
  specs:
    flowdock (0.3.1)
      httparty (~> 0.7)
      multi_json
    httparty (0.11.0)
      multi_json (~> 1.0)
      multi_xml (>= 0.5.2)
    multi_json (1.7.2)
    multi_xml (0.5.3)

PLATFORMS
  ruby

DEPENDENCIES
  flowdock
